GIT
  remote: git://github.com/bperucchi/moip-ruby.git
  revision: 69ea8ce20037dde7bdc8b06360aea80e04354143
  specs:
    moip-ruby (0.1.2)
      activesupport (>= 3.2.3)
      httparty (~> 0.8.3)
      nokogiri (~> 1.5.2)
      rspec (~> 2.1.0)

GIT
  remote: git://github.com/bperucchi/pagamento_digital.git
  revision: 4cd251b0bdcb237b383fe656c77aa2835edd3848
  specs:
    pagamento_digital (0.1.0)

GIT
  remote: git://github.com/bperucchi/pagseguro.git
  revision: f14d5492a3dbaef634e3e6731da1cc22c2f105b6
  specs:
    pag_seguro (0.1.18)
      httparty (>= 0.7.8)

GIT
  remote: git://github.com/bperucchi/ruby-plesk.git
  revision: 71948232b9354096d64319a8d387d45bcfb9be28
  specs:
    ruby-plesk (0.0.1)

GIT
  remote: git://github.com/thoughtbot/paperclip.git
<<<<<<< HEAD
  revision: c46b40b973a66eb8ac454c1d22e5df15da66d7c3
  specs:
    paperclip (4.2.1)
=======
  revision: a16a50a106432091fff0bf0ac398066803bb8791
  specs:
    paperclip (3.2.0)
>>>>>>> refs/stash
      activemodel (>= 3.0.0)
      activerecord (>= 3.0.0)
      activesupport (>= 3.0.0)
<<<<<<< HEAD
      cocaine (~> 0.5.5)
=======
      cocaine (>= 0.0.2)
>>>>>>> refs/stash
      mime-types

PATH
  remote: ../imentore-admin
  specs:
    imentore-admin (0.0.1)
      rails (~> 3.2.3)

PATH
  remote: ../imentore-auth
  specs:
    imentore-auth (0.0.1)
      rails (~> 3.2.3)

PATH
  remote: ../imentore-cms
  specs:
    imentore-cms (0.0.1)
      carrierwave (~> 0.6.1)
      country_select (~> 0.0.1)
      devise (~> 3.3.0)
      inherited_resources (~> 1.3.0)
      liquid (~> 2.6.1)
      mini_magick (~> 3.4)
      rails (~> 3.2.3)
      simple_form (~> 2.0.1)
      slim (~> 1.2.1)

PATH
  remote: ../imentore-core
  specs:
    imentore-core (0.0.1)
      country_select (= 0.0.1)
      rails (~> 3.2.3)

PATH
  remote: ../imentore-dashboard
  specs:
    imentore-dashboard (0.0.1)
      rails (~> 3.2.3)

PATH
  remote: ../imentore-ecommerce
  specs:
    imentore-ecommerce (0.0.1)
      rails (~> 3.2.3)

PATH
  remote: ../personhood
  specs:
    personhood (0.0.1)
      rails (~> 3.2.3)

GEM
  remote: http://rubygems.org/
  specs:
    actionmailer (3.2.19)
      actionpack (= 3.2.19)
      mail (~> 2.5.4)
    actionpack (3.2.19)
      activemodel (= 3.2.19)
      activesupport (= 3.2.19)
      builder (~> 3.0.0)
      erubis (~> 2.7.0)
      journey (~> 1.0.4)
      rack (~> 1.4.5)
      rack-cache (~> 1.2)
      rack-test (~> 0.6.1)
      sprockets (~> 2.2.1)
    activemodel (3.2.19)
      activesupport (= 3.2.19)
      builder (~> 3.0.0)
    activerecord (3.2.19)
      activemodel (= 3.2.19)
      activesupport (= 3.2.19)
      arel (~> 3.0.2)
      tzinfo (~> 0.3.29)
    activeresource (3.2.19)
      activemodel (= 3.2.19)
      activesupport (= 3.2.19)
    activesupport (3.2.19)
      i18n (~> 0.6, >= 0.6.4)
      multi_json (~> 1.0)
    ancestry (1.3.0)
      activerecord (>= 2.3.14)
    ansi (1.5.0)
    arel (3.0.3)
<<<<<<< HEAD
    bcrypt (3.1.10)
    binding_of_caller (0.7.2)
      debug_inspector (>= 0.0.1)
=======
    bcrypt-ruby (3.0.1)
    binding_of_caller (0.6.7)
>>>>>>> refs/stash
    builder (3.0.4)
    capistrano (3.1.0)
      i18n
      rake (>= 10.0.0)
      sshkit (~> 1.3)
<<<<<<< HEAD
    capistrano-bundler (1.1.4)
      capistrano (~> 3.1)
      sshkit (~> 1.2)
    capistrano-rails (1.1.2)
      capistrano (~> 3.1)
      capistrano-bundler (~> 1.1)
    capistrano-rbenv (2.0.3)
=======
    capistrano-rbenv (2.0.2)
>>>>>>> refs/stash
      capistrano (~> 3.1)
      sshkit (~> 1.3)
    carrierwave (0.6.2)
      activemodel (>= 3.2.0)
      activesupport (>= 3.2.0)
<<<<<<< HEAD
    climate_control (0.0.3)
      activesupport (>= 3.0)
    cocaine (0.5.5)
      climate_control (>= 0.0.3, < 1.0)
    coderay (1.1.0)
=======
    cocaine (0.3.0)
    coderay (1.0.7)
>>>>>>> refs/stash
    coffee-rails (3.2.2)
      coffee-script (>= 2.2.0)
      railties (~> 3.2.0)
    coffee-script (2.3.0)
      coffee-script-source
      execjs
<<<<<<< HEAD
    coffee-script-source (1.9.0)
    colorize (0.7.5)
=======
    coffee-script-source (1.3.3)
>>>>>>> refs/stash
    correios-frete (1.6.1)
      log-me (~> 0.0.2)
      nokogiri (~> 1.5)
      sax-machine (~> 0.1)
    country_select (0.0.1)
    daemons (1.1.9)
<<<<<<< HEAD
    debug_inspector (0.0.2)
    delocalize (0.3.2)
      rails (>= 3.0, < 4)
    devise (3.3.0)
      bcrypt (~> 3.0)
      orm_adapter (~> 0.1)
      railties (>= 3.2.6, < 5)
      thread_safe (~> 0.1)
      warden (~> 1.2.3)
    devise-encryptable (0.2.0)
      devise (>= 2.1.0)
    diff-lcs (1.1.3)
    erubis (2.7.0)
    eventmachine (1.0.4)
    execjs (2.2.2)
    fabrication (2.11.3)
=======
    delocalize (0.3.1)
      rails (>= 3.0)
    devise (2.1.2)
      bcrypt-ruby (~> 3.0)
      orm_adapter (~> 0.1)
      railties (~> 3.1)
      warden (~> 1.2.1)
    devise-encryptable (0.1.1)
      devise (>= 2.1.0.rc)
    diff-lcs (1.1.3)
    erubis (2.7.0)
    eventmachine (1.0.3)
    execjs (1.4.0)
      multi_json (~> 1.0)
>>>>>>> refs/stash
    has_scope (0.5.1)
    hike (1.2.3)
    httparty (0.8.3)
      multi_json (~> 1.0)
      multi_xml
<<<<<<< HEAD
    i18n (0.7.0)
    i18n_alchemy (0.2.1)
      activesupport (>= 3.2.0, < 4.2)
      i18n (~> 0.6)
=======
    i18n (0.6.9)
    i18n_alchemy (0.0.1)
      activerecord (~> 3.0)
      activesupport (~> 3.0)
      i18n (~> 0.5)
>>>>>>> refs/stash
    inherited_resources (1.3.0)
      has_scope (~> 0.5.0)
      responders (~> 0.6.0)
    journey (1.0.4)
    jquery-datatables-rails (2.2.3)
      jquery-rails
      sass-rails
    jquery-rails (3.1.2)
      railties (>= 3.0, < 5.0)
      thor (>= 0.14, < 2.0)
<<<<<<< HEAD
    jquery-ui-rails (5.0.0)
      railties (>= 3.2.16)
    json (1.8.2)
    kgio (2.9.3)
    libv8 (3.16.14.7)
    liquid (2.6.1)
    log-me (0.0.9)
=======
    json (1.8.1)
    libv8 (3.3.10.4)
    liquid (2.6.1)
    log-me (0.0.4)
>>>>>>> refs/stash
    mail (2.5.4)
      mime-types (~> 1.16)
      treetop (~> 1.4.8)
    method_source (0.8)
    mime-types (1.25.1)
    mini_magick (3.4)
      subexec (~> 0.2.1)
    multi_json (1.10.1)
<<<<<<< HEAD
    multi_xml (0.5.5)
    mysql2 (0.3.17)
    net-scp (1.2.1)
      net-ssh (>= 2.6.5)
    net-ssh (2.9.2)
    nokogiri (1.5.11)
    orm_adapter (0.5.0)
    polyglot (0.3.5)
    power_assert (0.2.2)
    pry (0.10.1)
      coderay (~> 1.1.0)
      method_source (~> 0.8.1)
      slop (~> 3.4)
    pry-nav (0.2.4)
      pry (>= 0.9.10, < 0.11.0)
    pry-stack_explorer (0.4.9.1)
      binding_of_caller (>= 0.7)
      pry (>= 0.9.11)
    quiet_assets (1.1.0)
      railties (>= 3.1, < 5.0)
=======
    multi_xml (0.5.1)
    mysql2 (0.3.11)
    net-scp (1.1.2)
      net-ssh (>= 2.6.5)
    net-ssh (2.8.0)
    nokogiri (1.5.5)
    orm_adapter (0.4.0)
    polyglot (0.3.3)
    pry (0.9.8.2)
      coderay (~> 1.0.5)
      method_source (~> 0.7)
      slop (>= 2.4.4, < 3)
    pry-nav (0.1.0)
      pry (~> 0.9.8.1)
    pry-stack_explorer (0.4.1)
      binding_of_caller (~> 0.6.2)
      pry (~> 0.9.8.2)
>>>>>>> refs/stash
    rack (1.4.5)
    rack-cache (1.2)
      rack (>= 0.4)
    rack-ssl (1.3.4)
      rack
    rack-test (0.6.3)
      rack (>= 1.0)
    rails (3.2.19)
      actionmailer (= 3.2.19)
      actionpack (= 3.2.19)
      activerecord (= 3.2.19)
      activeresource (= 3.2.19)
      activesupport (= 3.2.19)
      bundler (~> 1.0)
      railties (= 3.2.19)
    railties (3.2.19)
      actionpack (= 3.2.19)
      activesupport (= 3.2.19)
      rack-ssl (~> 1.3.2)
      rake (>= 0.8.7)
      rdoc (~> 3.4)
      thor (>= 0.14.6, < 2.0)
    raindrops (0.13.0)
    rake (10.4.2)
    rb-readline (0.5.2)
    rdoc (3.12.2)
      json (~> 1.4)
    responders (0.6.5)
    rspec (2.1.0)
      rspec-core (~> 2.1.0)
      rspec-expectations (~> 2.1.0)
      rspec-mocks (~> 2.1.0)
    rspec-core (2.1.0)
    rspec-expectations (2.1.0)
      diff-lcs (~> 1.1.2)
    rspec-mocks (2.1.0)
<<<<<<< HEAD
    sass (3.4.10)
    sass-rails (3.2.6)
=======
    sass (3.2.1)
    sass-rails (3.2.5)
>>>>>>> refs/stash
      railties (~> 3.2.0)
      sass (>= 3.1.10)
      tilt (~> 1.3)
    sax-machine (0.1.0)
      nokogiri (> 0.0.0)
    simple_form (2.0.3)
      actionpack (~> 3.0)
      activemodel (~> 3.0)
    slim (1.2.1)
      temple (~> 0.4.0)
      tilt (~> 1.3.3)
    slop (3.6.0)
    sprockets (2.2.3)
      hike (~> 1.2)
      multi_json (~> 1.0)
      rack (~> 1.0)
      tilt (~> 1.1, != 1.3.0)
<<<<<<< HEAD
    sqlite3 (1.3.10)
    sshkit (1.6.1)
      colorize (>= 0.7.0)
      net-scp (>= 1.1.2)
      net-ssh (>= 2.8.0)
    state_machine (1.2.0)
    subexec (0.2.3)
    temple (0.4.1)
    test-unit (3.0.8)
      power_assert
    therubyracer (0.12.1)
      libv8 (~> 3.16.14.0)
      ref
    thin (1.6.3)
      daemons (~> 1.0, >= 1.0.9)
      eventmachine (~> 1.0)
      rack (~> 1.0)
=======
    sqlite3 (1.3.6)
    sshkit (1.3.0)
      net-scp (>= 1.1.2)
      net-ssh
      term-ansicolor
    state_machine (1.1.2)
    subexec (0.2.2)
    temple (0.4.0)
    term-ansicolor (1.3.0)
      tins (~> 1.0)
    therubyracer (0.10.2)
      libv8 (~> 3.3.10)
    thin (1.6.1)
      daemons (>= 1.0.9)
      eventmachine (>= 1.0.0)
      rack (>= 1.0.0)
>>>>>>> refs/stash
    thor (0.19.1)
    thread_safe (0.3.4)
    tilt (1.3.7)
<<<<<<< HEAD
    tinymce-rails (4.1.6)
=======
    tins (1.0.0)
    tinymce-rails (3.5.6)
>>>>>>> refs/stash
      railties (>= 3.1.1)
    treetop (1.4.15)
      polyglot
      polyglot (>= 0.3.1)
    turn (0.8.3)
      ansi
<<<<<<< HEAD
    tzinfo (0.3.42)
    uglifier (2.7.0)
      execjs (>= 0.3.0)
      json (>= 1.8.0)
    unicorn (4.8.3)
      kgio (~> 2.6)
      rack
      raindrops (~> 0.7)
    warden (1.2.3)
      rack (>= 1.0)
    will_paginate (3.0.7)
    will_paginate-bootstrap (0.2.5)
=======
    tzinfo (0.3.38)
    uglifier (1.2.7)
      execjs (>= 0.3.0)
      multi_json (~> 1.3)
    warden (1.2.1)
      rack (>= 1.0)
    will_paginate (3.0.3)
    will_paginate-bootstrap (0.2.1)
>>>>>>> refs/stash
      will_paginate (>= 3.0.3)

PLATFORMS
  ruby

DEPENDENCIES
  ancestry (= 1.3.0)
<<<<<<< HEAD
  capistrano (= 3.2.1)
  capistrano-bundler (~> 1.1.3)
  capistrano-rails (~> 1.1.1)
  capistrano-rbenv (~> 2.0.2)
=======
  capistrano
  capistrano-rbenv (~> 2.0)
>>>>>>> refs/stash
  carrierwave (= 0.6.2)
  coffee-rails (~> 3.2.1)
  correios-frete (= 1.6.1)
  country_select (= 0.0.1)
<<<<<<< HEAD
  delocalize (= 0.3.2)
  devise
=======
  delocalize (= 0.3.1)
  devise (= 2.1.2)
>>>>>>> refs/stash
  devise-encryptable
  execjs
  fabrication (= 2.11.3)
  i18n_alchemy
  imentore-admin!
  imentore-auth!
  imentore-cms!
  imentore-core!
  imentore-dashboard!
  imentore-ecommerce!
  inherited_resources (= 1.3.0)
  jquery-datatables-rails (~> 2.2.3)
  jquery-rails (>= 3.1.0)
  jquery-ui-rails (= 5.0.0)
  liquid (= 2.6.1)
  mini_magick (= 3.4)
  moip-ruby (= 0.1.2)!
  mysql2
  pag_seguro (= 0.1.18)!
  pagamento_digital!
  paperclip!
  personhood!
  pry (= 0.10.1)
  pry-nav (= 0.2.4)
  pry-stack_explorer (= 0.4.9.1)
  quiet_assets
  rails (= 3.2.19)
  rb-readline
  ruby-plesk!
  sass-rails (~> 3.2.5)
  simple_form (= 2.0.3)
  slim (= 1.2.1)
  sqlite3
<<<<<<< HEAD
  state_machine (= 1.2.0)
  test-unit
=======
  state_machine (= 1.1.2)
>>>>>>> refs/stash
  therubyracer
  thin
  tinymce-rails
  turn (~> 0.8.3)
  uglifier (>= 1.0.3)
  unicorn
  will_paginate (= 3.0.7)
  will_paginate-bootstrap (= 0.2.5)
