GIT
  remote: git://github.com/bperucchi/moip-ruby.git
  revision: 69ea8ce20037dde7bdc8b06360aea80e04354143
  specs:
    moip-ruby (0.1.2)
      activesupport (>= 3.2.3)
      httparty (~> 0.8.3)
      nokogiri (~> 1.5.2)
      rspec (~> 2.1.0)

GIT
  remote: git://github.com/bperucchi/pagamento_digital.git
  revision: 4cd251b0bdcb237b383fe656c77aa2835edd3848
  specs:
    pagamento_digital (0.1.0)

GIT
  remote: git://github.com/bperucchi/pagseguro.git
  revision: 5628049ca91a31f3dfd401ead2363b56078eafaa
  specs:
    pag_seguro (0.1.17)
      httparty (>= 0.7.8)

GIT
  remote: git://github.com/bperucchi/ruby-plesk.git
  revision: 71948232b9354096d64319a8d387d45bcfb9be28
  specs:
    ruby-plesk (0.0.1)

GIT
  remote: git://github.com/rweng/jquery-datatables-rails.git
  revision: 477e49a649c8d862988298bc96a93e030d023e0e
  specs:
    jquery-datatables-rails (1.12.2)
      jquery-rails
      sass-rails

GIT
  remote: git://github.com/thoughtbot/paperclip.git
  revision: b2d9a1a9108c2e01c454fe8e73e7811ba87748c1
  specs:
    paperclip (4.1.1)
      activemodel (>= 3.0.0)
      activesupport (>= 3.0.0)
      cocaine (~> 0.5.3)
      mime-types

PATH
  remote: ../imentore-admin
  specs:
    imentore-admin (0.0.1)
      rails (~> 3.2.3)

PATH
  remote: ../imentore-auth
  specs:
    imentore-auth (0.0.1)
      rails (~> 3.2.3)

PATH
  remote: ../imentore-cms
  specs:
    imentore-cms (0.0.1)
      carrierwave (~> 0.6.1)
      country_select (~> 0.0.1)
      devise (~> 2.1.2)
      inherited_resources (~> 1.3.0)
      liquid (~> 2.6.1)
      mini_magick (~> 3.4)
      rails (~> 3.2.3)
      simple_form (~> 2.0.1)
      slim (~> 1.2.1)

PATH
  remote: ../imentore-core
  specs:
    imentore-core (0.0.1)
      country_select (= 0.0.1)
      rails (~> 3.2.3)

PATH
  remote: ../imentore-dashboard
  specs:
    imentore-dashboard (0.0.1)
      rails (~> 3.2.3)

PATH
  remote: ../imentore-ecommerce
  specs:
    imentore-ecommerce (0.0.1)
      rails (~> 3.2.3)

PATH
  remote: ../personhood
  specs:
    personhood (0.0.1)
      rails (~> 3.2.3)

GEM
  remote: http://rubygems.org/
  specs:
    actionmailer (3.2.16)
      actionpack (= 3.2.16)
      mail (~> 2.5.4)
    actionpack (3.2.16)
      activemodel (= 3.2.16)
      activesupport (= 3.2.16)
      builder (~> 3.0.0)
      erubis (~> 2.7.0)
      journey (~> 1.0.4)
      rack (~> 1.4.5)
      rack-cache (~> 1.2)
      rack-test (~> 0.6.1)
      sprockets (~> 2.2.1)
    activemodel (3.2.16)
      activesupport (= 3.2.16)
      builder (~> 3.0.0)
    activerecord (3.2.16)
      activemodel (= 3.2.16)
      activesupport (= 3.2.16)
      arel (~> 3.0.2)
      tzinfo (~> 0.3.29)
    activeresource (3.2.16)
      activemodel (= 3.2.16)
      activesupport (= 3.2.16)
    activesupport (3.2.16)
      i18n (~> 0.6, >= 0.6.4)
      multi_json (~> 1.0)
    ancestry (1.3.0)
      activerecord (>= 2.3.14)
    ansi (1.4.3)
    arel (3.0.3)
    bcrypt (3.1.7)
    bcrypt-ruby (3.1.5)
      bcrypt (>= 3.1.3)
    binding_of_caller (0.6.8)
    builder (3.0.4)
    capistrano (3.2.1)
      i18n
      rake (>= 10.0.0)
      sshkit (~> 1.3)
    capistrano-rbenv (2.0.2)
      capistrano (~> 3.1)
      sshkit (~> 1.3)
    carrierwave (0.6.2)
      activemodel (>= 3.2.0)
      activesupport (>= 3.2.0)
    climate_control (0.0.3)
      activesupport (>= 3.0)
    cocaine (0.5.4)
      climate_control (>= 0.0.3, < 1.0)
    coderay (1.0.9)
    coffee-rails (3.2.2)
      coffee-script (>= 2.2.0)
      railties (~> 3.2.0)
    coffee-script (2.2.0)
      coffee-script-source
      execjs
    coffee-script-source (1.7.0)
    correios-frete (1.6.1)
      log-me (~> 0.0.2)
      nokogiri (~> 1.5)
      sax-machine (~> 0.1)
    country_select (0.0.1)
    daemons (1.1.9)
    delocalize (0.3.2)
      rails (>= 3.0, < 4)
    devise (2.1.2)
      bcrypt-ruby (~> 3.0)
      orm_adapter (~> 0.1)
      railties (~> 3.1)
      warden (~> 1.2.1)
    devise-encryptable (0.2.0)
      devise (>= 2.1.0)
    diff-lcs (1.1.3)
    erubis (2.7.0)
    eventmachine (1.0.3)
    execjs (2.1.0)
    has_scope (0.5.1)
    hike (1.2.3)
    httparty (0.8.3)
      multi_json (~> 1.0)
      multi_xml
    i18n (0.6.9)
    i18n_alchemy (0.2.1)
      activesupport (>= 3.2.0, < 4.2)
      i18n (~> 0.6)
    inherited_resources (1.3.0)
      has_scope (~> 0.5.0)
      responders (~> 0.6.0)
    journey (1.0.4)
    jquery-rails (3.1.0)
      railties (>= 3.0, < 5.0)
      thor (>= 0.14, < 2.0)
    json (1.8.1)
    libv8 (3.16.14.3)
    liquid (2.6.1)
    log-me (0.0.6)
    mail (2.5.4)
      mime-types (~> 1.16)
      treetop (~> 1.4.8)
    method_source (0.8.2)
    mime-types (1.25.1)
    mini_magick (3.4)
      subexec (~> 0.2.1)
    multi_json (1.10.1)
    multi_xml (0.5.5)
    mysql2 (0.3.16)
    net-scp (1.2.1)
      net-ssh (>= 2.6.5)
    net-ssh (2.9.1)
    nokogiri (1.5.11)
    orm_adapter (0.5.0)
    polyglot (0.3.4)
    pry (0.9.8.2)
      coderay (~> 1.0.5)
      method_source (~> 0.7)
      slop (>= 2.4.4, < 3)
    pry-nav (0.1.0)
      pry (~> 0.9.8.1)
    pry-stack_explorer (0.4.1)
      binding_of_caller (~> 0.6.2)
      pry (~> 0.9.8.2)
    rack (1.4.5)
    rack-cache (1.2)
      rack (>= 0.4)
    rack-ssl (1.3.4)
      rack
    rack-test (0.6.2)
      rack (>= 1.0)
    rails (3.2.16)
      actionmailer (= 3.2.16)
      actionpack (= 3.2.16)
      activerecord (= 3.2.16)
      activeresource (= 3.2.16)
      activesupport (= 3.2.16)
      bundler (~> 1.0)
      railties (= 3.2.16)
    railties (3.2.16)
      actionpack (= 3.2.16)
      activesupport (= 3.2.16)
      rack-ssl (~> 1.3.2)
      rake (>= 0.8.7)
      rdoc (~> 3.4)
      thor (>= 0.14.6, < 2.0)
    rake (10.3.2)
    rb-readline (0.5.1)
    rdoc (3.12.2)
      json (~> 1.4)
    ref (1.0.5)
    responders (0.6.5)
    rspec (2.1.0)
      rspec-core (~> 2.1.0)
      rspec-expectations (~> 2.1.0)
      rspec-mocks (~> 2.1.0)
    rspec-core (2.1.0)
    rspec-expectations (2.1.0)
      diff-lcs (~> 1.1.2)
    rspec-mocks (2.1.0)
    sass (3.3.7)
    sass-rails (3.2.6)
      railties (~> 3.2.0)
      sass (>= 3.1.10)
      tilt (~> 1.3)
    sax-machine (0.1.0)
      nokogiri (> 0.0.0)
    simple_form (2.0.3)
      actionpack (~> 3.0)
      activemodel (~> 3.0)
    slim (1.2.1)
      temple (~> 0.4.0)
      tilt (~> 1.3.3)
    slop (2.4.4)
    sprockets (2.2.2)
      hike (~> 1.2)
      multi_json (~> 1.0)
      rack (~> 1.0)
      tilt (~> 1.1, != 1.3.0)
    sqlite3 (1.3.9)
    sshkit (1.4.0)
      net-scp (>= 1.1.2)
      net-ssh (>= 2.8.0)
      term-ansicolor
    state_machine (1.1.2)
    subexec (0.2.3)
    temple (0.4.1)
    term-ansicolor (1.3.0)
      tins (~> 1.0)
    therubyracer (0.12.1)
      libv8 (~> 3.16.14.0)
      ref
    thin (1.6.2)
      daemons (>= 1.0.9)
      eventmachine (>= 1.0.0)
      rack (>= 1.0.0)
    thor (0.19.1)
    tilt (1.3.7)
    tins (1.3.0)
    tinymce-rails (4.0.28)
      railties (>= 3.1.1)
    treetop (1.4.15)
      polyglot
      polyglot (>= 0.3.1)
    turn (0.8.3)
      ansi
    tzinfo (0.3.39)
    uglifier (2.5.0)
      execjs (>= 0.3.0)
      json (>= 1.8.0)
    warden (1.2.3)
      rack (>= 1.0)
    will_paginate (3.0.3)
    will_paginate-bootstrap (1.0.0)
      will_paginate (>= 3.0.3)

PLATFORMS
  ruby

DEPENDENCIES
  ancestry (= 1.3.0)
  capistrano
  capistrano-rbenv (~> 2.0)
  carrierwave (= 0.6.2)
  coffee-rails (~> 3.2.1)
  correios-frete (= 1.6.1)
  country_select (= 0.0.1)
  delocalize (= 0.3.2)
  devise (= 2.1.2)
  devise-encryptable
  execjs
  i18n_alchemy
  imentore-admin!
  imentore-auth!
  imentore-cms!
  imentore-core!
  imentore-dashboard!
  imentore-ecommerce!
  inherited_resources (= 1.3.0)
  jquery-datatables-rails!
  jquery-rails (= 3.1.0)
  liquid (= 2.6.1)
  mini_magick (= 3.4)
  moip-ruby (= 0.1.2)!
  mysql2
  pag_seguro (= 0.1.17)!
  pagamento_digital!
  paperclip!
  personhood!
  pry (= 0.9.8.2)
  pry-nav (= 0.1.0)
  pry-stack_explorer (= 0.4.1)
  rails (= 3.2.16)
  rb-readline
  ruby-plesk!
  sass-rails (~> 3.2.5)
  simple_form (= 2.0.3)
  slim (= 1.2.1)
  sqlite3
  state_machine (= 1.1.2)
  therubyracer
  thin
  tinymce-rails
  turn (~> 0.8.3)
  uglifier (>= 1.0.3)
  will_paginate (= 3.0.3)
  will_paginate-bootstrap
