GIT
  remote: git://github.com/bperucchi/ruby-plesk.git
  revision: 71948232b9354096d64319a8d387d45bcfb9be28
  specs:
    ruby-plesk (0.0.1)

PATH
  remote: .
  specs:
    imentore-cms (0.0.1)
      carrierwave (~> 0.7.0)
      country_select (~> 0.0.1)
      devise (~> 3.3.0)
      inherited_resources (~> 1.3.0)
      liquid (~> 2.6.1)
      mini_magick (~> 4.2.7)
      rails (~> 3.2.3)
      simple_form (~> 2.0.1)
      slim (~> 1.2.1)

PATH
  remote: ../imentore-auth
  specs:
    imentore-auth (0.0.1)
      rails (~> 3.2.3)

PATH
  remote: ../imentore-core
  specs:
    imentore-core (0.0.1)
      country_select (= 0.0.1)
      rails (~> 3.2.3)

PATH
  remote: ../imentore-dashboard
  specs:
    imentore-dashboard (0.0.1)
      rails (~> 3.2.3)

PATH
  remote: ../imentore-ecommerce
  specs:
    imentore-ecommerce (0.0.1)
      rails (~> 3.2.3)

PATH
  remote: ../imentore-testing
  specs:
    imentore-testing (0.0.1)
      rails (~> 3.2.3)

PATH
  remote: ../personhood
  specs:
    personhood (0.0.1)
      rails (~> 3.2.3)

GEM
  remote: http://rubygems.org/
  specs:
    actionmailer (3.2.22)
      actionpack (= 3.2.22)
      mail (~> 2.5.4)
    actionpack (3.2.22)
      activemodel (= 3.2.22)
      activesupport (= 3.2.22)
      builder (~> 3.0.0)
      erubis (~> 2.7.0)
      journey (~> 1.0.4)
      rack (~> 1.4.5)
      rack-cache (~> 1.2)
      rack-test (~> 0.6.1)
      sprockets (~> 2.2.1)
    activemodel (3.2.22)
      activesupport (= 3.2.22)
      builder (~> 3.0.0)
    activerecord (3.2.22)
      activemodel (= 3.2.22)
      activesupport (= 3.2.22)
      arel (~> 3.0.2)
      tzinfo (~> 0.3.29)
    activeresource (3.2.22)
      activemodel (= 3.2.22)
      activesupport (= 3.2.22)
    activesupport (3.2.22)
      i18n (~> 0.6, >= 0.6.4)
      multi_json (~> 1.0)
    arel (3.0.3)
    bcrypt (3.1.10)
    builder (3.0.4)
    carrierwave (0.7.1)
      activemodel (>= 3.2.0)
      activesupport (>= 3.2.0)
    country_select (0.0.1)
    devise (3.3.0)
      bcrypt (~> 3.0)
      orm_adapter (~> 0.1)
      railties (>= 3.2.6, < 5)
      thread_safe (~> 0.1)
      warden (~> 1.2.3)
    erubis (2.7.0)
    has_scope (0.5.1)
    hike (1.2.3)
    i18n (0.7.0)
    inherited_resources (1.3.1)
      has_scope (~> 0.5.0)
      responders (~> 0.6)
    journey (1.0.4)
    json (1.8.3)
    liquid (2.6.2)
    mail (2.5.4)
      mime-types (~> 1.16)
      treetop (~> 1.4.8)
    mime-types (1.25.1)
    mini_magick (4.2.7)
    multi_json (1.11.1)
    orm_adapter (0.5.0)
    polyglot (0.3.5)
    rack (1.4.7)
    rack-cache (1.2)
      rack (>= 0.4)
    rack-ssl (1.3.4)
      rack
    rack-test (0.6.3)
      rack (>= 1.0)
    rails (3.2.22)
      actionmailer (= 3.2.22)
      actionpack (= 3.2.22)
      activerecord (= 3.2.22)
      activeresource (= 3.2.22)
      activesupport (= 3.2.22)
      bundler (~> 1.0)
      railties (= 3.2.22)
    railties (3.2.22)
      actionpack (= 3.2.22)
      activesupport (= 3.2.22)
      rack-ssl (~> 1.3.2)
      rake (>= 0.8.7)
      rdoc (~> 3.4)
      thor (>= 0.14.6, < 2.0)
    rake (10.4.2)
    rdoc (3.12.2)
      json (~> 1.4)
    responders (0.9.3)
      railties (~> 3.1)
    simple_form (2.0.4)
      actionpack (~> 3.0)
      activemodel (~> 3.0)
    slim (1.2.2)
      temple (~> 0.4.0)
      tilt (~> 1.3.3)
    sprockets (2.2.3)
      hike (~> 1.2)
      multi_json (~> 1.0)
      rack (~> 1.0)
      tilt (~> 1.1, != 1.3.0)
    sqlite3 (1.3.10)
    temple (0.4.1)
    thor (0.19.1)
    thread_safe (0.3.5)
    tilt (1.3.7)
    treetop (1.4.15)
      polyglot
      polyglot (>= 0.3.1)
    tzinfo (0.3.44)
    warden (1.2.3)
      rack (>= 1.0)

PLATFORMS
  ruby

DEPENDENCIES
  imentore-auth!
  imentore-cms!
  imentore-core!
  imentore-dashboard!
  imentore-ecommerce!
  imentore-testing!
  personhood!
  ruby-plesk!
  sqlite3

BUNDLED WITH
   1.10.4
