GIT
  remote: git://github.com/wicz/plesk-ruby.git
  revision: 837029b876726c95ceb9d5392c54491bd8f651f0
  specs:
    plesk-ruby (0.0.1)

PATH
  remote: ../imentore-auth
  specs:
    imentore-auth (0.0.1)
      rails (~> 3.2.3)

PATH
  remote: ../imentore-core
  specs:
    imentore-core (0.0.1)
      country_select (= 0.0.1)
      rails (~> 3.2.3)

PATH
  remote: ../imentore-dashboard
  specs:
    imentore-dashboard (0.0.1)
      rails (~> 3.2.3)

PATH
  remote: ../imentore-ecommerce
  specs:
    imentore-ecommerce (0.0.1)
      rails (~> 3.2.3)

PATH
  remote: ../imentore-testing
  specs:
    imentore-testing (0.0.1)
      rails (~> 3.2.3)

PATH
  remote: ../personhood
  specs:
    personhood (0.0.1)
      rails (~> 3.2.3)

PATH
  remote: .
  specs:
    imentore-cms (0.0.1)
      carrierwave (~> 0.6.1)
      country_select (~> 0.0.1)
      devise (~> 2.1.2)
      inherited_resources (~> 1.3.0)
      liquid (~> 2.3.0)
      mini_magick (~> 3.4)
      rails (~> 3.2.3)
      simple_form (~> 2.0.1)
      slim (~> 1.2.1)

GEM
  remote: http://rubygems.org/
  specs:
    actionmailer (3.2.7)
      actionpack (= 3.2.7)
      mail (~> 2.4.4)
    actionpack (3.2.7)
      activemodel (= 3.2.7)
      activesupport (= 3.2.7)
      builder (~> 3.0.0)
      erubis (~> 2.7.0)
      journey (~> 1.0.4)
      rack (~> 1.4.0)
      rack-cache (~> 1.2)
      rack-test (~> 0.6.1)
      sprockets (~> 2.1.3)
    activemodel (3.2.7)
      activesupport (= 3.2.7)
      builder (~> 3.0.0)
    activerecord (3.2.7)
      activemodel (= 3.2.7)
      activesupport (= 3.2.7)
      arel (~> 3.0.2)
      tzinfo (~> 0.3.29)
    activeresource (3.2.7)
      activemodel (= 3.2.7)
      activesupport (= 3.2.7)
    activesupport (3.2.7)
      i18n (~> 0.6)
      multi_json (~> 1.0)
    addressable (2.3.2)
    arel (3.0.2)
    bcrypt-ruby (3.0.1)
    binding_of_caller (0.6.7)
    builder (3.0.0)
    capybara (1.1.2)
      mime-types (>= 1.16)
      nokogiri (>= 1.3.3)
      rack (>= 1.0.0)
      rack-test (>= 0.5.4)
      selenium-webdriver (~> 2.0)
      xpath (~> 0.1.4)
    capybara-webkit (0.10.0)
      capybara (>= 1.0.0, < 1.2)
      json
    carrierwave (0.6.2)
      activemodel (>= 3.2.0)
      activesupport (>= 3.2.0)
    childprocess (0.3.4)
      ffi (~> 1.0, >= 1.0.6)
    coderay (1.0.7)
    country_select (0.0.1)
    cucumber (1.2.1)
      builder (>= 2.1.2)
      diff-lcs (>= 1.1.3)
      gherkin (~> 2.11.0)
      json (>= 1.4.6)
    cucumber-rails (1.3.0)
      capybara (>= 1.1.2)
      cucumber (>= 1.1.8)
      nokogiri (>= 1.5.0)
    database_cleaner (0.7.1)
    devise (2.1.2)
      bcrypt-ruby (~> 3.0)
      orm_adapter (~> 0.1)
      railties (~> 3.1)
      warden (~> 1.2.1)
    diff-lcs (1.1.3)
    erubis (2.7.0)
    factory_girl (2.6.4)
      activesupport (>= 2.3.9)
    factory_girl_rails (1.7.0)
      factory_girl (~> 2.6.0)
      railties (>= 3.0.0)
    ffi (1.1.0)
    gherkin (2.11.1)
      json (>= 1.4.6)
    guard (1.2.3)
      listen (>= 0.4.2)
      thor (>= 0.14.6)
    guard-cucumber (0.7.5)
      cucumber (>= 0.10)
      guard (>= 0.8.3)
    guard-rspec (0.6.0)
      guard (>= 0.10.0)
    has_scope (0.5.1)
    hike (1.2.1)
    i18n (0.6.0)
    inherited_resources (1.3.1)
      has_scope (~> 0.5.0)
      responders (~> 0.6)
    journey (1.0.4)
    json (1.7.4)
    libwebsocket (0.1.5)
      addressable
    liquid (2.3.0)
    listen (0.4.7)
      rb-fchange (~> 0.0.5)
      rb-fsevent (~> 0.9.1)
      rb-inotify (~> 0.8.8)
    mail (2.4.4)
      i18n (>= 0.4.0)
      mime-types (~> 1.16)
      treetop (~> 1.4.8)
    method_source (0.8)
    mime-types (1.19)
    mini_magick (3.4)
      subexec (~> 0.2.1)
    multi_json (1.3.6)
    nokogiri (1.5.5)
    orm_adapter (0.4.0)
    polyglot (0.3.3)
    pry (0.9.8.2)
      coderay (~> 1.0.5)
      method_source (~> 0.7)
      slop (>= 2.4.4, < 3)
    pry-nav (0.1.0)
      pry (~> 0.9.8.1)
    pry-stack_explorer (0.4.1)
      binding_of_caller (~> 0.6.2)
      pry (~> 0.9.8.2)
    rack (1.4.1)
    rack-cache (1.2)
      rack (>= 0.4)
    rack-ssl (1.3.2)
      rack
    rack-test (0.6.1)
      rack (>= 1.0)
    rails (3.2.7)
      actionmailer (= 3.2.7)
      actionpack (= 3.2.7)
      activerecord (= 3.2.7)
      activeresource (= 3.2.7)
      activesupport (= 3.2.7)
      bundler (~> 1.0)
      railties (= 3.2.7)
    railties (3.2.7)
      actionpack (= 3.2.7)
      activesupport (= 3.2.7)
      rack-ssl (~> 1.3.2)
      rake (>= 0.8.7)
      rdoc (~> 3.4)
      thor (>= 0.14.6, < 2.0)
    rake (0.9.2.2)
    rb-fchange (0.0.5)
      ffi
    rb-fsevent (0.9.1)
    rb-inotify (0.8.8)
      ffi (>= 0.5.0)
    rdoc (3.12)
      json (~> 1.4)
    responders (0.9.2)
      railties (~> 3.1)
    rubyzip (0.9.9)
    selenium-webdriver (2.25.0)
      childprocess (>= 0.2.5)
      libwebsocket (~> 0.1.3)
      multi_json (~> 1.0)
      rubyzip
    shoulda-matchers (1.0.0)
    simple_form (2.0.2)
      actionpack (~> 3.0)
      activemodel (~> 3.0)
    slim (1.2.2)
      temple (~> 0.4.0)
      tilt (~> 1.3.3)
    slop (2.4.4)
    sprockets (2.1.3)
      hike (~> 1.2)
      rack (~> 1.0)
      tilt (~> 1.1, != 1.3.0)
    sqlite3 (1.3.6)
    subexec (0.2.2)
    temple (0.4.0)
    thor (0.15.4)
    tilt (1.3.3)
    treetop (1.4.10)
      polyglot
      polyglot (>= 0.3.1)
    tzinfo (0.3.33)
    warden (1.2.1)
      rack (>= 1.0)
    xpath (0.1.4)
      nokogiri (~> 1.3)

PLATFORMS
  ruby

DEPENDENCIES
  capybara (= 1.1.2)
  capybara-webkit (= 0.10.0)
  cucumber-rails (= 1.3.0)
  database_cleaner (= 0.7.1)
  factory_girl_rails (= 1.7.0)
  guard-cucumber (= 0.7.5)
  guard-rspec (= 0.6.0)
  imentore-auth!
  imentore-cms!
  imentore-core!
  imentore-dashboard!
  imentore-ecommerce!
  imentore-testing!
  personhood!
  plesk-ruby!
  pry (= 0.9.8.2)
  pry-nav (= 0.1.0)
  pry-stack_explorer (= 0.4.1)
  shoulda-matchers (= 1.0.0)
  sqlite3
