GIT
  remote: git://github.com/wicz/plesk-ruby.git
  revision: 837029b876726c95ceb9d5392c54491bd8f651f0
  specs:
    plesk-ruby (0.0.1)

PATH
  remote: .
  specs:
    imentore-ecommerce (0.0.1)
      rails (~> 3.2.2)

PATH
  remote: ../imentore-auth
  specs:
    imentore-auth (0.0.1)
      rails (~> 3.2.2)

PATH
  remote: ../imentore-cms
  specs:
    imentore-cms (0.0.1)
      carrierwave (~> 0.6.1)
      country_select (~> 0.0.1)
      devise (~> 2.0.4)
      inherited_resources (~> 1.3.0)
      liquid (~> 2.3.0)
      mini_magick (~> 3.4)
      rails (~> 3.2.2)
      simple_form (~> 2.0.1)
      slim (~> 1.2.1)

PATH
  remote: ../imentore-core
  specs:
    imentore-core (0.0.1)
      country_select (= 0.0.1)
      rails (~> 3.2.2)

PATH
  remote: ../imentore-dashboard
  specs:
    imentore-dashboard (0.0.1)
      rails (~> 3.2.2)

PATH
  remote: ../imentore-testing
  specs:
    imentore-testing (0.0.1)
      rails (~> 3.2.2)

PATH
  remote: ../personhood
  specs:
    personhood (0.0.1)
      rails (~> 3.2.2)

GEM
  remote: http://rubygems.org/
  specs:
    actionmailer (3.2.3)
      actionpack (= 3.2.3)
      mail (~> 2.4.4)
    actionpack (3.2.3)
      activemodel (= 3.2.3)
      activesupport (= 3.2.3)
      builder (~> 3.0.0)
      erubis (~> 2.7.0)
      journey (~> 1.0.1)
      rack (~> 1.4.0)
      rack-cache (~> 1.2)
      rack-test (~> 0.6.1)
      sprockets (~> 2.1.2)
    activemodel (3.2.3)
      activesupport (= 3.2.3)
      builder (~> 3.0.0)
    activerecord (3.2.3)
      activemodel (= 3.2.3)
      activesupport (= 3.2.3)
      arel (~> 3.0.2)
      tzinfo (~> 0.3.29)
    activeresource (3.2.3)
      activemodel (= 3.2.3)
      activesupport (= 3.2.3)
    activesupport (3.2.3)
      i18n (~> 0.6)
      multi_json (~> 1.0)
    addressable (2.2.8)
    arel (3.0.2)
    bcrypt-ruby (3.0.1)
    binding_of_caller (0.6.7)
    builder (3.0.0)
    capybara (1.1.2)
      mime-types (>= 1.16)
      nokogiri (>= 1.3.3)
      rack (>= 1.0.0)
      rack-test (>= 0.5.4)
      selenium-webdriver (~> 2.0)
      xpath (~> 0.1.4)
    capybara-webkit (0.10.0)
      capybara (>= 1.0.0, < 1.2)
      json
    carrierwave (0.6.2)
      activemodel (>= 3.2.0)
      activesupport (>= 3.2.0)
    childprocess (0.3.2)
      ffi (~> 1.0.6)
    coderay (1.0.6)
    correios-frete (1.6.1)
      log-me (~> 0.0.2)
      nokogiri (~> 1.5)
      sax-machine (~> 0.1)
    country_select (0.0.1)
    cucumber (1.2.0)
      builder (>= 2.1.2)
      diff-lcs (>= 1.1.3)
      gherkin (~> 2.10.0)
      json (>= 1.4.6)
    cucumber-rails (1.3.0)
      capybara (>= 1.1.2)
      cucumber (>= 1.1.8)
      nokogiri (>= 1.5.0)
    database_cleaner (0.7.1)
    devise (2.0.4)
      bcrypt-ruby (~> 3.0)
      orm_adapter (~> 0.0.3)
      railties (~> 3.1)
      warden (~> 1.1.1)
    diff-lcs (1.1.3)
    erubis (2.7.0)
    factory_girl (2.6.4)
      activesupport (>= 2.3.9)
    factory_girl_rails (1.7.0)
      factory_girl (~> 2.6.0)
      railties (>= 3.0.0)
    ffi (1.0.11)
    gherkin (2.10.0)
      json (>= 1.4.6)
    guard (1.0.3)
      ffi (>= 0.5.0)
      thor (>= 0.14.6)
    guard-cucumber (0.7.5)
      cucumber (>= 0.10)
      guard (>= 0.8.3)
    guard-rspec (0.6.0)
      guard (>= 0.10.0)
    has_scope (0.5.1)
    hike (1.2.1)
    i18n (0.6.0)
    inherited_resources (1.3.0)
      has_scope (~> 0.5.0)
      responders (~> 0.6.0)
    journey (1.0.3)
    jquery-rails (2.0.2)
      railties (>= 3.2.0, < 5.0)
      thor (~> 0.14)
    json (1.7.3)
    libwebsocket (0.1.3)
      addressable
    liquid (2.3.0)
    log-me (0.0.2)
    mail (2.4.4)
      i18n (>= 0.4.0)
      mime-types (~> 1.16)
      treetop (~> 1.4.8)
    method_source (0.7.1)
    mime-types (1.18)
    mini_magick (3.4)
      subexec (~> 0.2.1)
    multi_json (1.3.5)
    nokogiri (1.5.2)
    orm_adapter (0.0.7)
    polyglot (0.3.3)
    pry (0.9.8.2)
      coderay (~> 1.0.5)
      method_source (~> 0.7)
      slop (>= 2.4.4, < 3)
    pry-nav (0.1.0)
      pry (~> 0.9.8.1)
    pry-stack_explorer (0.4.1)
      binding_of_caller (~> 0.6.2)
      pry (~> 0.9.8.2)
    rack (1.4.1)
    rack-cache (1.2)
      rack (>= 0.4)
    rack-ssl (1.3.2)
      rack
    rack-test (0.6.1)
      rack (>= 1.0)
    rails (3.2.3)
      actionmailer (= 3.2.3)
      actionpack (= 3.2.3)
      activerecord (= 3.2.3)
      activeresource (= 3.2.3)
      activesupport (= 3.2.3)
      bundler (~> 1.0)
      railties (= 3.2.3)
    railties (3.2.3)
      actionpack (= 3.2.3)
      activesupport (= 3.2.3)
      rack-ssl (~> 1.3.2)
      rake (>= 0.8.7)
      rdoc (~> 3.4)
      thor (~> 0.14.6)
    rake (0.9.2.2)
    rdoc (3.12)
      json (~> 1.4)
    responders (0.6.5)
    rspec (2.8.0)
      rspec-core (~> 2.8.0)
      rspec-expectations (~> 2.8.0)
      rspec-mocks (~> 2.8.0)
    rspec-core (2.8.0)
    rspec-expectations (2.8.0)
      diff-lcs (~> 1.1.2)
    rspec-mocks (2.8.0)
    rspec-rails (2.8.1)
      actionpack (>= 3.0)
      activesupport (>= 3.0)
      railties (>= 3.0)
      rspec (~> 2.8.0)
    rubyzip (0.9.8)
    sax-machine (0.1.0)
      nokogiri (> 0.0.0)
    selenium-webdriver (2.21.2)
      childprocess (>= 0.2.5)
      ffi (~> 1.0)
      libwebsocket (~> 0.1.3)
      multi_json (~> 1.0)
      rubyzip
    shoulda-matchers (1.0.0)
    simple_form (2.0.1)
      actionpack (~> 3.0)
      activemodel (~> 3.0)
    slim (1.2.1)
      temple (~> 0.4.0)
      tilt (~> 1.3.3)
    slop (2.4.4)
    sprockets (2.1.3)
      hike (~> 1.2)
      rack (~> 1.0)
      tilt (~> 1.1, != 1.3.0)
    sqlite3 (1.3.6)
    subexec (0.2.2)
    temple (0.4.0)
    thor (0.14.6)
    tilt (1.3.3)
    treetop (1.4.10)
      polyglot
      polyglot (>= 0.3.1)
    tzinfo (0.3.33)
    warden (1.1.1)
      rack (>= 1.0)
    xpath (0.1.4)
      nokogiri (~> 1.3)

PLATFORMS
  ruby

DEPENDENCIES
  capybara (= 1.1.2)
  capybara-webkit (= 0.10.0)
  correios-frete (= 1.6.1)
  country_select (= 0.0.1)
  cucumber-rails (= 1.3.0)
  database_cleaner (= 0.7.1)
  devise (= 2.0.4)
  factory_girl_rails (= 1.7.0)
  guard-cucumber (= 0.7.5)
  guard-rspec (= 0.6.0)
  imentore-auth!
  imentore-cms!
  imentore-core!
  imentore-dashboard!
  imentore-ecommerce!
  imentore-testing!
  inherited_resources (= 1.3.0)
  jquery-rails
  liquid (= 2.3.0)
  personhood!
  plesk-ruby!
  pry (= 0.9.8.2)
  pry-nav (= 0.1.0)
  pry-stack_explorer (= 0.4.1)
  rspec-rails (= 2.8.1)
  shoulda-matchers (= 1.0.0)
  simple_form (= 2.0.1)
  slim (= 1.2.1)
  sqlite3
